GIT
  remote: git@github.com:mugwump/roundsman.git
  revision: 1c47df0d82ed4c5454c39dafa5d7de2e8473e4b9
  specs:
    roundsman (0.1.1)
      capistrano (~> 2.12)
      json (~> 1.0)

GIT
  remote: https://github.com/stjernstrom/capistrano_colors.git
  revision: 6d0cb744aef832db4e182d32c6eb1ef08f8d3e0d
  specs:
    capistrano_colors (0.5.5)

GEM
  remote: http://rubygems.org/
  specs:
    builder (3.1.4)
    cape (1.6.1)
    capistrano (2.14.2)
      highline
      net-scp (>= 1.0.0)
      net-sftp (>= 2.0.0)
      net-ssh (>= 2.0.14)
      net-ssh-gateway (>= 1.1.0)
    excon (0.6.6)
    fog (0.9.0)
      builder
      excon (~> 0.6.1)
      formatador (>= 0.1.3)
      json
      mime-types
      net-scp (>= 1.0.4)
      net-ssh (>= 2.1.4)
      nokogiri (>= 1.4.4)
      ruby-hmac
    formatador (0.2.4)
    highline (1.6.15)
    json (1.7.7)
    mime-types (1.21)
    net-scp (1.1.0)
      net-ssh (>= 2.6.5)
    net-sftp (2.1.1)
      net-ssh (>= 2.6.5)
    net-ssh (2.6.5)
    net-ssh-gateway (1.2.0)
      net-ssh (>= 2.6.5)
    nokogiri (1.5.6)
    ruby-hmac (0.4.0)

PLATFORMS
  ruby

DEPENDENCIES
  cape
  capistrano
  capistrano_colors!
  fog
  roundsman!
