GIT
  remote: https://github.com/stjernstrom/capistrano_colors.git
  revision: 398ee2512a5bf3ef81ae4e6727bd5a1867e49711
  specs:
    capistrano_colors (0.5.5)

GEM
  remote: http://rubygems.org/
  specs:
    builder (3.0.0)
    cape (1.4.0)
    capistrano (2.12.0)
      highline
      net-scp (>= 1.0.0)
      net-sftp (>= 2.0.0)
      net-ssh (>= 2.0.14)
      net-ssh-gateway (>= 1.1.0)
    excon (0.16.1)
    fog (1.5.0)
      builder
      excon (~> 0.14)
      formatador (~> 0.2.0)
      mime-types
      multi_json (~> 1.0)
      net-scp (~> 1.0.4)
      net-ssh (>= 2.1.3)
      nokogiri (~> 1.5.0)
      ruby-hmac
    formatador (0.2.3)
    highline (1.6.13)
    mime-types (1.19)
    multi_json (1.3.6)
    net-scp (1.0.4)
      net-ssh (>= 1.99.1)
    net-sftp (2.0.5)
      net-ssh (>= 2.0.9)
    net-ssh (2.5.2)
    net-ssh-gateway (1.1.0)
      net-ssh (>= 1.99.1)
    nokogiri (1.5.5)
    roundsman (0.1.0)
      capistrano (~> 2.12)
    ruby-hmac (0.4.0)

PLATFORMS
  ruby

DEPENDENCIES
  cape
  capistrano
  capistrano_colors!
  fog
  roundsman
