GIT
  remote: https://github.com/stjernstrom/capistrano_colors.git
  revision: 398ee2512a5bf3ef81ae4e6727bd5a1867e49711
  specs:
    capistrano_colors (0.5.5)

GEM
  remote: http://rubygems.org/
  specs:
    cape (1.4.0)
    capistrano (2.12.0)
      highline
      net-scp (>= 1.0.0)
      net-sftp (>= 2.0.0)
      net-ssh (>= 2.0.14)
      net-ssh-gateway (>= 1.1.0)
    highline (1.6.13)
    net-scp (1.0.4)
      net-ssh (>= 1.99.1)
    net-sftp (2.0.5)
      net-ssh (>= 2.0.9)
    net-ssh (2.5.2)
    net-ssh-gateway (1.1.0)
      net-ssh (>= 1.99.1)
    roundsman (0.1.0)
      capistrano (~> 2.12)

PLATFORMS
  ruby

DEPENDENCIES
  cape
  capistrano
  capistrano_colors!
  roundsman
